GIT
  remote: git://github.com/rtomayko/tilt.git
  revision: 10a8ffa0a83f0c38dd243549fa9a32a2e76be6bd
  specs:
    tilt (1.3.3)

GEM
  remote: https://rubygems.org/
  specs:
    chunky_png (1.2.5)
    coderay (1.1.0)
    compass (0.12.2)
      chunky_png (~> 1.2)
      fssm (>= 0.2.7)
      sass (~> 3.1)
    daemons (1.1.8)
    deckrb (0.5.2)
      coderay
      erector (>= 0.9.0)
      json
      nokogiri
      rack (>= 1.4.1)
      rack-codehighlighter
      redcarpet (~> 2)
      thin
      trollop
    erector (0.10.0)
      treetop (>= 1.2.3)
    eventmachine (0.12.10)
    fssm (0.2.9)
    haml (3.1.6)
    json (1.8.1)
    mini_portile (0.6.0)
    nokogiri (1.6.3.1)
      mini_portile (= 0.6.0)
    pg (0.17.0)
    polyglot (0.3.5)
    rack (1.5.2)
    rack-codehighlighter (0.5.0)
      nokogiri (>= 1.4.1)
      rack (>= 1.0.0)
    rack-protection (1.2.0)
      rack
    redcarpet (2.3.0)
    sass (3.1.20)
    sequel (3.40.0)
    sinatra (1.3.2)
      rack (~> 1.3, >= 1.3.6)
      rack-protection (~> 1.2)
      tilt (~> 1.3, >= 1.3.3)
    thin (1.4.1)
      daemons (>= 1.0.9)
      eventmachine (>= 0.12.6)
      rack (>= 1.0.0)
    treetop (1.5.3)
      polyglot (~> 0.3)
    trollop (2.0)

PLATFORMS
  ruby

DEPENDENCIES
  coderay
  compass
  deckrb (>= 0.5.0)
  haml
  pg
  redcarpet
  sequel
  sinatra (= 1.3.2)
  thin
  tilt!
